GEM
  remote: https://rubygems.org/
  specs:
    cairo (1.14.3)
      pkg-config (>= 1.1.5)
    gdk_pixbuf2 (2.2.5)
      glib2 (= 2.2.5)
    glib2 (2.2.5)
      pkg-config
    mini_portile2 (2.0.0)
    nokogiri (1.6.7.1)
      mini_portile2 (~> 2.0.0.rc2)
    pkg-config (1.1.7)
    rsvg2 (2.2.5)
      cairo (>= 1.12.8)
      gdk_pixbuf2 (= 2.2.5)

PLATFORMS
  ruby

DEPENDENCIES
  nokogiri (= 1.6.7.1)
  rsvg2 (~> 2.2)

BUNDLED WITH
   1.11.2
